PATH
  remote: .
  specs:
    rake-hooks (0.2)
      rake

GEM
  remote: http://rubygems.org/
  specs:
    rake (0.9.2)

PLATFORMS
  ruby

DEPENDENCIES
  rake-hooks!
