PATH
  remote: .
  specs:
    rake-hooks (1)
      rake (= 0.9.2)

GEM
  remote: http://rubygems.org/
  specs:
    rake (0.9.2)

PLATFORMS
  ruby

DEPENDENCIES
  bundler
  rake-hooks!
